GEM
  remote: http://rubygems.org/
  specs:
    builder (3.0.0)
    capybara (0.4.1.2)
      celerity (>= 0.7.9)
      culerity (>= 0.2.4)
      mime-types (>= 1.16)
      nokogiri (>= 1.3.3)
      rack (>= 1.0.0)
      rack-test (>= 0.5.4)
      selenium-webdriver (>= 0.0.27)
      xpath (~> 0.1.3)
    celerity (0.8.9)
    childprocess (0.1.8)
      ffi (~> 1.0.6)
    cucumber (0.10.2)
      builder (>= 2.1.2)
      diff-lcs (>= 1.1.2)
      gherkin (>= 2.3.5)
      json (>= 1.4.6)
      term-ansicolor (>= 1.0.5)
    culerity (0.2.15)
    diff-lcs (1.1.2)
    ffi (1.0.7)
      rake (>= 0.8.7)
    gherkin (2.3.6)
      json (>= 1.4.6)
    guard (0.3.4)
      thor (~> 0.14.6)
    guard-cucumber (0.3.0)
      cucumber (~> 0.10.0)
      guard (~> 0.3.0)
    guard-rspec (0.3.0)
      guard (>= 0.2.2)
    haml (3.1.1)
    json (1.5.1)
    json_pure (1.5.1)
    libnotify (0.4.0)
      ffi (>= 0.6.2)
    mime-types (1.16)
    nokogiri (1.4.4)
    rack (1.2.2)
    rack-test (0.5.7)
      rack (>= 1.0)
    rake (0.8.7)
    rb-inotify (0.8.4)
      ffi (>= 0.5.0)
    rspec (2.5.0)
      rspec-core (~> 2.5.0)
      rspec-expectations (~> 2.5.0)
      rspec-mocks (~> 2.5.0)
    rspec-core (2.5.1)
    rspec-expectations (2.5.0)
      diff-lcs (~> 1.1.2)
    rspec-mocks (2.5.0)
    rubyzip (0.9.4)
    sass (3.1.1)
    selenium-webdriver (0.2.0)
      childprocess (>= 0.1.7)
      ffi (>= 1.0.7)
      json_pure
      rubyzip
    sinatra (1.2.6)
      rack (~> 1.1)
      tilt (>= 1.2.2, < 2.0)
    term-ansicolor (1.0.5)
    thor (0.14.6)
    tilt (1.3)
    xpath (0.1.4)
      nokogiri (~> 1.3)

PLATFORMS
  ruby

DEPENDENCIES
  capybara
  cucumber
  guard
  guard-cucumber
  guard-rspec
  haml
  libnotify
  rb-inotify
  rspec
  sass
  sinatra
